GEM
  remote: https://rubygems.org/
  specs:
    httparty (0.16.3)
      mime-types (~> 3.0)
      multi_xml (>= 0.5.2)
    mime-types (3.2.2)
      mime-types-data (~> 3.2015)
    mime-types-data (3.2018.0812)
    mini_portile2 (2.3.0)
    multi_xml (0.6.0)
    nokogiri (1.8.5)
      mini_portile2 (~> 2.3.0)
    parslet (1.8.2)
    reverse_markdown (1.1.0)
      nokogiri
    upmark (1.0.0)
      parslet (~> 1.8.2)

PLATFORMS
  ruby

DEPENDENCIES
  httparty
  nokogiri
  reverse_markdown
  upmark

BUNDLED WITH
   1.16.3
